PATH
  remote: .
  specs:
    trimtool (0.1.0)
      thor

GEM
  remote: https://rubygems.org/
  specs:
    rake (10.5.0)
    thor (0.19.4)

PLATFORMS
  ruby

DEPENDENCIES
  bundler (~> 1.13)
  rake (~> 10.0)
  trimtool!

BUNDLED WITH
   1.13.7
