PATH
  remote: .
  specs:
    htcht (0.1.1)
      thor (~> 0.1)

GEM
  remote: https://rubygems.org/
  specs:
    diff-lcs (1.3)
    rake (10.5.0)
    rspec (3.5.0)
      rspec-core (~> 3.5.0)
      rspec-expectations (~> 3.5.0)
      rspec-mocks (~> 3.5.0)
    rspec-core (3.5.4)
      rspec-support (~> 3.5.0)
    rspec-expectations (3.5.0)
      diff-lcs (>= 1.2.0, < 2.0)
      rspec-support (~> 3.5.0)
    rspec-mocks (3.5.0)
      diff-lcs (>= 1.2.0, < 2.0)
      rspec-support (~> 3.5.0)
    rspec-support (3.5.0)
    thor (0.19.4)

PLATFORMS
  ruby

DEPENDENCIES
  bundler (~> 1.13)
  htcht!
  rake (~> 10.0)
  rspec (~> 3.5)

BUNDLED WITH
   1.14.3
